GEM
  remote: http://rubygems.org/
  specs:
    activesupport (4.0.0)
      i18n (~> 0.6, >= 0.6.4)
      minitest (~> 4.2)
      multi_json (~> 1.3)
      thread_safe (~> 0.1)
      tzinfo (~> 0.3.37)
    atomic (1.1.10)
    chronic (0.9.1)
    faraday (0.8.8)
      multipart-post (~> 1.2.0)
    gaston (0.4.1)
      inflecto
    git (1.2.5)
    i18n (0.6.4)
    inflecto (0.0.2)
    minitest (4.7.5)
    multi_json (1.7.8)
    multipart-post (1.2.0)
    rake (10.1.0)
    simple_oauth (0.2.0)
    thread_safe (0.1.0)
      atomic
    twitter (4.8.1)
      faraday (~> 0.8, < 0.10)
      multi_json (~> 1.0)
      simple_oauth (~> 0.2)
    tzinfo (0.3.37)
    whenever (0.8.4)
      activesupport (>= 2.3.4)
      chronic (>= 0.6.3)

PLATFORMS
  ruby

DEPENDENCIES
  activesupport
  gaston
  git
  rake
  twitter
  whenever
